GIT
  remote: git://github.com/thomas-mcdonald/bootstrap-sass.git
  revision: efab96f854dc8b08d46297b9af313fbe815124ac
  specs:
    bootstrap-sass (3.0.2.1)
      sass (~> 3.2)

GEM
  remote: https://rubygems.org/
  specs:
    classifier (1.3.3)
      fast-stemmer (>= 1.0.0)
    colorator (0.1)
    commander (4.1.5)
      highline (~> 1.6.11)
    dotenv (0.9.0)
    execjs (2.0.2)
    fast-stemmer (1.0.2)
    ffi (1.9.3)
    highline (1.6.20)
    hike (1.2.3)
    iconv (1.0.3)
    jekyll (1.3.0)
      classifier (~> 1.3)
      colorator (~> 0.1)
      commander (~> 4.1.3)
      liquid (~> 2.5.2)
      listen (~> 1.3)
      maruku (~> 0.6.0)
      pygments.rb (~> 0.5.0)
      redcarpet (~> 2.3.0)
      safe_yaml (~> 0.9.7)
    jekyll-assets (0.7.3)
      jekyll (~> 1.0)
      sprockets (~> 2.10)
    liquid (2.5.3)
    listen (1.3.1)
      rb-fsevent (>= 0.9.3)
      rb-inotify (>= 0.9)
      rb-kqueue (>= 0.2)
    maruku (0.6.1)
      syntax (>= 1.0.0)
    mini_portile (0.5.2)
    multi_json (1.8.2)
    nokogiri (1.6.0)
      mini_portile (~> 0.5.0)
    posix-spawn (0.3.6)
    pygments.rb (0.5.4)
      posix-spawn (~> 0.3.6)
      yajl-ruby (~> 1.1.0)
    rack (1.5.2)
    rb-fsevent (0.9.3)
    rb-inotify (0.9.2)
      ffi (>= 0.5.0)
    rb-kqueue (0.2.0)
      ffi (>= 0.5.0)
    redcarpet (2.3.0)
    safe_yaml (0.9.7)
    sass (3.2.12)
    sprockets (2.10.0)
      hike (~> 1.2)
      multi_json (~> 1.0)
      rack (~> 1.0)
      tilt (~> 1.1, != 1.3.0)
    syntax (1.0.0)
    tilt (1.4.1)
    uglifier (2.2.1)
      execjs (>= 0.3.0)
      multi_json (~> 1.0, >= 1.0.2)
    yajl-ruby (1.1.0)

PLATFORMS
  ruby

DEPENDENCIES
  bootstrap-sass (~> 3.0.2.0)!
  dotenv (~> 0.9.0)
  iconv (~> 1.0.3)
  jekyll (~> 1.3.0)
  jekyll-assets (~> 0.7.3)
  liquid (~> 2.5.3)
  maruku (~> 0.6.0)
  nokogiri (~> 1.6.0)
  rb-fsevent (~> 0.9.3)
  redcarpet (~> 2.3.0)
  sass (~> 3.2.12)
  uglifier (~> 2.2.1)
